GEM
  remote: https://rubygems.org/
  specs:
    asciidoctor (2.0.12)

PLATFORMS
  universal-darwin-20

DEPENDENCIES
  asciidoctor

BUNDLED WITH
   2.2.15
